GEM
  remote: https://rubygems.org/
  specs:
    base64 (0.2.0)
    dotenv (3.1.8)
    faraday (2.13.1)
      faraday-net_http (>= 2.0, < 3.5)
      json
      logger
    faraday-net_http (3.4.0)
      net-http (>= 0.5.0)
    google-protobuf (3.25.7)
    json (2.12.0)
    jwt (2.10.1)
      base64
    livekit-server-sdk (0.8.3)
      google-protobuf (>= 3.21.0, < 4.0)
      jwt (>= 2.2.3, < 3.0)
      rack (>= 2.2.3)
      twirp (>= 1.10.0, < 2.0)
    logger (1.7.0)
    mustermann (3.0.3)
      ruby2_keywords (~> 0.0.1)
    net-http (0.6.0)
      uri
    rack (3.1.15)
    rack-protection (4.1.1)
      base64 (>= 0.1.0)
      logger (>= 1.6.0)
      rack (>= 3.0.0, < 4)
    rack-session (2.1.1)
      base64 (>= 0.1.0)
      rack (>= 3.0.0)
    ruby2_keywords (0.0.5)
    sinatra (4.1.1)
      logger (>= 1.6.0)
      mustermann (~> 3.0)
      rack (>= 3.0.0, < 4)
      rack-protection (= 4.1.1)
      rack-session (>= 2.0.0, < 3)
      tilt (~> 2.0)
    tilt (2.6.0)
    twirp (1.13.1)
      faraday (< 3)
      google-protobuf (>= 3.25, < 5.a)
      rack (>= 2.2.3)
    uri (1.0.3)

PLATFORMS
  ruby
  x86_64-linux

DEPENDENCIES
  dotenv
  livekit-server-sdk
  sinatra

BUNDLED WITH
   2.6.7
